GEM
  specs:
    colorize (0.8.1)

PLATFORMS
  ruby

DEPENDENCIES
  bundler
  colorize

BUNDLED WITH
   2.0.1
